PATH
  remote: .
  specs:
    ruby_design_tools (0.0.1)

GEM
  remote: https://rubygems.org/
  specs:
    rake (0.9.6)

PLATFORMS
  ruby

DEPENDENCIES
  bundler (~> 1.3)
  rake
  ruby_design_tools!
